GIT
  remote: git@github.com:dbreen1/ruby-stellar-sdk.git
  revision: a333fbee573326f378abe94144bf13729b214c68
  specs:
    stellar-base (0.32.0)
      activesupport (>= 5.0.0, < 9.0)
      base32 (>= 0.3.0, < 1.0)
      digest-crc (>= 0.5.0, < 1.0)
      rbnacl (>= 6.0.0, < 8.0)
      xdr (>= 3.0.3, < 4.0)
    stellar-horizon (0.32.0)
      excon (>= 0.71.0, < 1.0)
      faraday (>= 1.6.0, < 3.0)
      faraday-excon (>= 1.1.0, < 3.0)
      faraday-follow_redirects (>= 0.3.0, < 1.0)
      hyperclient (>= 0.7.0, < 2.0)
      stellar-base (= 0.32.0)
    stellar-sdk (0.32.0)
      activesupport (>= 5.0.0, < 9.0)
      faraday (>= 1.6.0, < 3.0)
      stellar-base (= 0.32.0)
      stellar-horizon (= 0.32.0)
      tomlrb (>= 2.0.1, < 3.0)

GEM
  specs:
    activemodel (7.1.5.1)
      activesupport (= 7.1.5.1)
    activesupport (7.1.5.1)
      base64
      benchmark (>= 0.3)
      bigdecimal
      concurrent-ruby (~> 1.0, >= 1.0.2)
      connection_pool (>= 2.2.5)
      drb
      i18n (>= 1.6, < 2)
      logger (>= 1.4.2)
      minitest (>= 5.1)
      mutex_m
      securerandom (>= 0.3)
      tzinfo (~> 2.0)
    addressable (2.8.7)
      public_suffix (>= 2.0.2, < 7.0)
    base32 (0.3.4)
    base64 (0.2.0)
    benchmark (0.4.0)
    bigdecimal (3.1.9)
    concurrent-ruby (1.3.5)
    connection_pool (2.5.0)
    digest-crc (0.7.0)
      rake (>= 12.0.0, < 14.0.0)
    drb (2.2.1)
    excon (0.112.0)
    faraday (1.10.4)
      faraday-em_http (~> 1.0)
      faraday-em_synchrony (~> 1.0)
      faraday-excon (~> 1.1)
      faraday-httpclient (~> 1.0)
      faraday-multipart (~> 1.0)
      faraday-net_http (~> 1.0)
      faraday-net_http_persistent (~> 1.0)
      faraday-patron (~> 1.0)
      faraday-rack (~> 1.0)
      faraday-retry (~> 1.0)
      ruby2_keywords (>= 0.0.4)
    faraday-em_http (1.0.0)
    faraday-em_synchrony (1.0.0)
    faraday-excon (1.1.0)
    faraday-follow_redirects (0.3.0)
      faraday (>= 1, < 3)
    faraday-httpclient (1.0.1)
    faraday-multipart (1.1.0)
      multipart-post (~> 2.0)
    faraday-net_http (1.0.2)
    faraday-net_http_persistent (1.2.0)
    faraday-patron (1.0.0)
    faraday-rack (1.0.0)
    faraday-retry (1.0.3)
    faraday_hal_middleware (0.1.1)
      faraday_middleware (>= 0.9)
    faraday_middleware (1.2.1)
      faraday (~> 1.0)
    ffi (1.17.1-x86_64-darwin)
    hyperclient (1.0.1)
      addressable
      faraday (>= 0.9.0)
      faraday_hal_middleware
      faraday_middleware
    i18n (1.14.7)
      concurrent-ruby (~> 1.0)
    logger (1.6.6)
    minitest (5.25.4)
    multipart-post (2.4.1)
    mutex_m (0.3.0)
    public_suffix (5.1.1)
    rake (13.2.1)
    rbnacl (7.1.2)
      ffi (~> 1)
    ruby2_keywords (0.0.5)
    securerandom (0.3.2)
    tomlrb (2.0.3)
    tzinfo (2.0.6)
      concurrent-ruby (~> 1.0)
    xdr (3.0.3)
      activemodel (>= 4.2, < 8.0)
      activesupport (>= 4.2, < 8.0)

PLATFORMS
  x86_64-darwin-21

DEPENDENCIES
  stellar-sdk!

BUNDLED WITH
   2.3.12
